PATH
  remote: .
  specs:
    gene_system (0.4.0)
      hashie
      highline (~> 2.0)
      jsonnet
      logger (~> 1.4)
      os
      ruby-handlebars (~> 0.4)
      thor (~> 1.0)
      tty-prompt

GEM
  remote: https://rubygems.org/
  specs:
    addressable (2.8.0)
      public_suffix (>= 2.0.2, < 5.0)
    ast (2.4.2)
    axiom-types (0.1.1)
      descendants_tracker (~> 0.0.4)
      ice_nine (~> 0.11.0)
      thread_safe (~> 0.3, >= 0.3.1)
    bump (0.10.0)
    byebug (11.1.3)
    codeclimate-engine-rb (0.4.2)
    coderay (1.1.3)
    coercible (1.0.0)
      descendants_tracker (~> 0.0.1)
    descendants_tracker (0.0.4)
      thread_safe (~> 0.3, >= 0.3.1)
    diff-lcs (1.4.4)
    docile (1.4.0)
    doxie (4.0.0)
    equalizer (0.0.11)
    erubis (2.7.0)
    flay (2.12.1)
      erubis (~> 2.7.0)
      path_expander (~> 1.0)
      ruby_parser (~> 3.0)
      sexp_processor (~> 4.0)
    flog (4.6.4)
      path_expander (~> 1.0)
      ruby_parser (~> 3.1, > 3.1.0)
      sexp_processor (~> 4.8)
    hashie (5.0.0)
    highline (2.0.3)
    ice_nine (0.11.2)
    jaro_winkler (1.5.4)
    jsonnet (0.4.0)
      mini_portile2 (>= 2.2.0)
    launchy (2.4.3)
      addressable (~> 2.3)
    logger (1.4.4)
    method_source (1.0.0)
    mini_portile2 (2.7.1)
    nio4r (2.5.8)
    os (1.1.4)
    parallel (1.21.0)
    parser (2.5.3.0)
      ast (~> 2.4.0)
    parslet (1.8.2)
    pastel (0.8.0)
      tty-color (~> 0.5)
    path_expander (1.1.0)
    private_gem (1.1.4)
      bundler (> 1.7, < 3.0)
      thor
    pry (0.14.1)
      coderay (~> 1.1)
      method_source (~> 1.0)
    public_suffix (4.0.6)
    puma (4.3.10)
      nio4r (~> 2.0)
    rainbow (3.0.0)
    rake (13.0.6)
    reek (4.8.2)
      codeclimate-engine-rb (~> 0.4.0)
      parser (>= 2.5.0.0, < 2.6)
      rainbow (>= 2.0, < 4.0)
    rspec (3.10.0)
      rspec-core (~> 3.10.0)
      rspec-expectations (~> 3.10.0)
      rspec-mocks (~> 3.10.0)
    rspec-core (3.10.1)
      rspec-support (~> 3.10.0)
    rspec-expectations (3.10.1)
      diff-lcs (>= 1.2.0, < 2.0)
      rspec-support (~> 3.10.0)
    rspec-mocks (3.10.2)
      diff-lcs (>= 1.2.0, < 2.0)
      rspec-support (~> 3.10.0)
    rspec-support (3.10.3)
    rubocop (0.68.1)
      jaro_winkler (~> 1.5.1)
      parallel (~> 1.10)
      parser (>= 2.5, != 2.5.1.1)
      rainbow (>= 2.2.2, < 4.0)
      ruby-progressbar (~> 1.7)
      unicode-display_width (>= 1.4.0, < 1.6)
    ruby-handlebars (0.4.0)
      parslet (~> 1.6, >= 1.6.2)
    ruby-progressbar (1.11.0)
    ruby_parser (3.18.1)
      sexp_processor (~> 4.16)
    rubycritic (3.5.2)
      flay (~> 2.8)
      flog (~> 4.4)
      launchy (= 2.4.3)
      parser (~> 2.5.0)
      rainbow (~> 3.0)
      reek (~> 4.4)
      ruby_parser (~> 3.8)
      tty-which (~> 0.3.0)
      virtus (~> 1.0)
    sexp_processor (4.16.0)
    simplecov (0.21.2)
      docile (~> 1.1)
      simplecov-html (~> 0.11)
      simplecov_json_formatter (~> 0.1)
    simplecov-html (0.12.3)
    simplecov_json_formatter (0.1.3)
    thor (1.1.0)
    thread_safe (0.3.6)
    tty-color (0.6.0)
    tty-cursor (0.7.1)
    tty-prompt (0.23.1)
      pastel (~> 0.8)
      tty-reader (~> 0.8)
    tty-reader (0.9.0)
      tty-cursor (~> 0.7)
      tty-screen (~> 0.8)
      wisper (~> 2.0)
    tty-screen (0.8.1)
    tty-which (0.3.0)
    unicode-display_width (1.5.0)
    virtus (1.0.5)
      axiom-types (~> 0.1)
      coercible (~> 1.0)
      descendants_tracker (~> 0.0, >= 0.0.3)
      equalizer (~> 0.0, >= 0.0.9)
    wisper (2.0.1)
    yard (0.9.26)

PLATFORMS
  ruby

DEPENDENCIES
  bump (~> 0.6)
  byebug (~> 11.0)
  doxie
  gene_system!
  private_gem (~> 1.1)
  pry (~> 0.11)
  puma (~> 4.3)
  rake (~> 13.0)
  rspec (~> 3.7, >= 3.7.0)
  rubocop (~> 0.58)
  rubycritic (~> 3.4, >= 3.4.0)
  simplecov (~> 0.16)
  yard (~> 0.9)

BUNDLED WITH
   2.2.27
